GEM
  specs:
    aws-sdk (2.9.16)
      aws-sdk-resources (= 2.9.16)
    aws-sdk-core (2.9.16)
      aws-sigv4 (~> 1.0)
      jmespath (~> 1.0)
    aws-sdk-resources (2.9.16)
      aws-sdk-core (= 2.9.16)
    aws-sigv4 (1.0.0)
    dotenv (2.2.1)
    jmespath (1.3.1)
    mustermann (1.0.0)
    rack (2.0.2)
    rack-protection (2.0.0)
      rack
    sinatra (2.0.2)
      mustermann (= 1.0.0)
      rack (~> 2.0)
      rack-protection (~> 2.0)
      tilt (>= 1.3, < 3)
    tilt (2.0.7)

PLATFORMS
  ruby

DEPENDENCIES
  aws-sdk
  dotenv
  mustermann
  sinatra

BUNDLED WITH
   1.14.6
